GEM
  remote: https://rubygems.org/
  specs:
    mini_portile2 (2.1.0)
    nokogiri (1.7.0.1)
      mini_portile2 (~> 2.1.0)
    redis (3.3.3)
    ruby (0.1.0)
    rubyzip (1.2.0)

PLATFORMS
  ruby

DEPENDENCIES
  nokogiri
  redis
  ruby
  rubyzip

BUNDLED WITH
   1.13.6
